PATH
  remote: .
  specs:
    attest (0.1.0)
      trollop

GEM
  remote: http://rubygems.org/
  specs:
    trollop (1.16.2)

PLATFORMS
  ruby

DEPENDENCIES
  attest!
  trollop
