PATH
  remote: .
  specs:
    attest (0.1.0)
      trollop

GEM
  remote: http://rubygems.org/
  specs:
    mocha (0.9.9)
      rake
    rake (0.8.7)
    trollop (1.16.2)

PLATFORMS
  ruby

DEPENDENCIES
  attest!
  mocha
  trollop
