GEM
  remote: http://rubygems.org/
  specs:
    trollop (1.16.2)

PLATFORMS
  ruby

DEPENDENCIES
  trollop
